##TITLE= Parameter file, TopSpin 3.5 pl 6
##JCAMPDX= 5.0
##DATATYPE= Parameter Values
##NPOINTS= 3843	$$ modification sequence number
##ORIGIN= Bruker BioSpin GmbH
##OWNER= nmrsu
$$ 2017-09-25 14:56:48.546 +0100  nmrsu@npc-nmr-02
$$ C:/Bruker/TopSpin3.5pl6/conf/instr/Spect/specpar
$$ process C:\Bruker\TopSpin3.5pl6\prog\mod\hconfserver.exe
##$ANCIEN= (0..7)
0 0 0 0 0 0 0 0
##$BF1= 100.13
##$BF2= 100.13
##$BF3= 100.13
##$DEC= 1
##$DECB= 1
##$DEF19F= yes
##$DEFRSEL= yes
##$HPMOD= (0..7)
0 0 0 0 0 0 0 0
##$HPPRECH= (0..15)
-1 -1 -1 -1 -1 -1 -1 -1 -1 -1 -1 -1 -1 -1 -1 -1
##$HPSELECT= no
##$LOCSW19F= -1
##$LOCSW2H= -1
##$NUC1= 10
##$NUC2= 1
##$NUC3= 0
##$NUC4= 0
##$NUC5= 0
##$NUC6= 0
##$NUC7= 0
##$NUC8= 0
##$NUCARR= (0..123)
600.74 600.74 92.217247666 640.773157408 457.640349834 88.405415036 233.470374098
84.414861416 64.541451069 192.741265408 151.056193148 43.396766749 60.872455549
81.439059782 565.260361681 47.42419379 158.90714406 36.775110099 156.533974757
119.350139184 243.184009491 46.1128024 58.859958527 48.994702365 28.03276916
15.386783657 40.429976215 145.930240928 33.866921752 33.875950874 59.895634287
158.012329815 33.95680447 148.918748213 19.450627557 142.538024348 53.682432777
159.2890525 170.632345328 37.587118342 144.18573402 183.20589961 20.955703531
102.862391344 114.570207196 31.344943143 150.509279452 162.238956233 23.11407224
58.001104578 196.56485536 26.035002283 29.437449465 55.846580605 147.038143658
39.149781252 39.971407343 135.216517612 27.664984117 31.006408131 19.142261708
27.49046314 24.316867861 27.955634144 127.449874552 133.323279495 131.356336587
131.637927455 196.554612743 214.057232717 224.019742677 143.76054827 77.851200206
157.212108091 189.532082291 120.192971396 167.066911376 49.524531015 78.793911451
59.680256982 66.759803667 79.26343782 84.858375743 183.946588 32.74033
20.184864 25.050858 20.665456 149.343964 65.961252 18.442718 24.209822
144.417896 20.665456 28.955668 128.197916 17.301312 49.801346 105.125330864
28.9616754 68.5083896 48.8461694 24.0716518 15.1206258 72.02632304 25.029153264
135.31428204 136.67796184 13.710875249 46.64986396 10.3207132 11.2398454
129.139780202 10.3867946 107.597472083 39.718423714 343.16191168 346.529888401
125.678406433 96.534640731 11.06202636 100 100 100
##$NUCOFFS= (0..127)
<1H> <13C> <> <> <> <> <> <> <> <> <> <> <> <> <> <> <> <> <> <> <> <>
<> <> <> <> <> <> <> <> <> <> <> <> <> <> <> <> <> <> <> <> <> <> <> <>
<> <> <> <> <> <> <> <> <> <> <> <> <> <> <> <> <> <> <> <> <> <> <> <>
<> <> <> <> <> <> <> <> <> <> <> <> <> <> <> <> <> <> <> <> <> <> <> <>
<> <> <> <> <> <> <> <> <> <> <> <> <> <> <> <> <> <> <> <> <> <> <> <>
<> <> <> <> <> <> <> <> <> <>
##$OBS= 1
##$OFFS= (0..127)
0 0 0 0 0 0 0 0 0 0 0 0 0 0 0 0 0 0 0 0 0 0 0 0 0 0 0 0 0 0 0 0 0 0 0 0
0 0 0 0 0 0 0 0 0 0 0 0 0 0 0 0 0 0 0 0 0 0 0 0 0 0 0 0 0 0 0 0 0 0 0 0
0 0 0 0 0 0 0 0 0 0 0 0 0 0 0 0 0 0 0 0 0 0 0 0 0 0 0 0 0 0 0 0 0 0 0 0
0 0 0 0 0 0 0 0 0 0 0 0 0 0 0 0 0 0 0 0
##$OFFSF= (0..7)
0 0 0 0 0 0 0 0
##$OFFSH= (0..7)
2825.19999996111 1607.79999998795 0 0 0 0 0 0
##$OFFSX= (0..7)
11933.5999999919 0 0 0 0 0 0 0
##$OFFSXAS= (0..7)
0 0 0 0 0 0 0 0
##$OFSF1= 0
##$OFSF2= 0
##$OFSH1= 0
##$OFSH2= 0
##$OFSH3= 0
##$OFSX1= 0
##$OFSX2= 0
##$OFSY= 0
##$PACOIL= (0..15)
0 0 0 0 0 0 0 0 0 0 0 0 0 0 0 0
##$PRECHAN= (0..15)
-1 2 -1 0 1 -1 -1 -1 -1 -1 -1 -1 -1 -1 -1 -1
##$RECPRE= (0..15)
-1 0 -1 -1 -1 -1 -1 -1 -1 -1 -1 -1 -1 -1 -1 -1
##$RECPRFX= (0..15)
1 0 0 0 0 0 0 0 0 0 0 0 0 0 0 0
##$RECSEL= (0..15)
0 0 1 0 0 0 0 0 0 0 0 0 0 0 0 0
##$SELREC= (0..9)
0 0 0 0 0 0 0 0 0 0
##$SFO1= 151.056193
##$SFO2= 600.74
##$SFO3= 600.74282
##$SFO4= 600.74282
##$SFO5= 600.74282
##$SFO6= 600.74282
##$SFO7= 600.74282
##$SFO8= 600.74282
##$TY= (0..123)
0 0 0 0 0 0 0 0 0 0 0 0 0 0 0 0 0 0 0 0 0 0 0 0 0 0 0 0 0 0 0 0 0 0 0 0
0 0 0 0 0 0 0 0 0 0 0 0 0 0 0 0 0 0 0 0 0 0 0 0 0 0 0 0 0 0 0 0 0 0 0 0
0 0 0 0 0 0 0 0 0 0 0 0 0 0 0 0 0 0 0 0 0 0 0 0 0 0 0 0 0 0 0 0 0 0 0 0
0 0 0 0 0 0 0 0 0 0 0 0 0 0 0 0
##END=
